GEM
  remote: https://rubygems.org/
  specs:
    rmagick (2.13.4)

PLATFORMS
  ruby

DEPENDENCIES
  rmagick (~> 2.13.2)

BUNDLED WITH
   1.10.6
